PATH
  remote: .
  specs:
    GameOfLife (1.0)

GEM
  remote: https://rubygems.org/
  specs:
    ansi (1.5.0)
    builder (3.2.3)
    minitest (5.12.2)
    minitest-reporters (1.3.8)
      ansi
      builder
      minitest (>= 5.0)
      ruby-progressbar
    o_stream_catcher (0.0.1)
    rake (10.5.0)
    ruby-progressbar (1.10.1)

PLATFORMS
  x86-mingw32

DEPENDENCIES
  GameOfLife!
  bundler (~> 2.0)
  minitest (~> 5.0)
  minitest-reporters
  o_stream_catcher
  rake (~> 10.0)

BUNDLED WITH
   2.0.2
